GEM
  remote: https://rubygems.org/
  specs:
    backports (3.8.0)
    byebug (9.1.0)
    coderay (1.1.2)
    method_source (0.8.2)
    multi_json (1.12.2)
    mustermann (1.0.1)
    pry (0.11.0)
      coderay (~> 1.1.0)
      method_source (~> 0.8.1)
    pry-byebug (3.5.0)
      byebug (~> 9.1)
      pry (~> 0.10)
    rack (2.0.3)
    rack-protection (2.0.0)
      rack
    rack-test (0.7.0)
      rack (>= 1.0, < 3)
    racksh (1.0.0)
      rack (>= 1.0)
      rack-test (>= 0.5)
    sinatra (2.0.0)
      mustermann (~> 1.0)
      rack (~> 2.0)
      rack-protection (= 2.0.0)
      tilt (~> 2.0)
    sinatra-contrib (2.0.0)
      backports (>= 2.0)
      multi_json
      mustermann (~> 1.0)
      rack-protection (= 2.0.0)
      sinatra (= 2.0.0)
      tilt (>= 1.3, < 3)
    tilt (2.0.8)

PLATFORMS
  ruby

DEPENDENCIES
  pry-byebug
  racksh
  sinatra
  sinatra-contrib

BUNDLED WITH
   1.15.4
